GEM
  remote: http://rubygems.org/
  specs:
    abs